PATH
  remote: .
  specs:
    sorbet-progress (0.1.0)
      sorbet (>= 0.4.4365, <= 0.4.4366)
      sorbet-runtime (>= 0.4.4365, <= 0.4.4366)

GEM
  remote: https://rubygems.org/
  specs:
    ast (2.4.0)
    jaro_winkler (1.5.3)
    minitest (5.11.3)
    parallel (1.17.0)
    parser (2.6.3.0)
      ast (~> 2.4.0)
    rainbow (3.0.0)
    rubocop (0.72.0)
      jaro_winkler (~> 1.5.1)
      parallel (~> 1.10)
      parser (>= 2.6)
      rainbow (>= 2.2.2, < 4.0)
      ruby-progressbar (~> 1.7)
      unicode-display_width (>= 1.4.0, < 1.7)
    ruby-progressbar (1.10.1)
    sorbet (0.4.4366)
      sorbet-static (= 0.4.4366)
    sorbet-runtime (0.4.4366)
    sorbet-static (0.4.4366-universal-darwin-14)
    unicode-display_width (1.6.0)

PLATFORMS
  ruby

DEPENDENCIES
  bundler (~> 1.17)
  minitest (~> 5.0)
  rubocop (~> 0.72.0)
  sorbet-progress!

BUNDLED WITH
   1.17.3
